GEM
  remote: https://rubygems.org/
  specs:
    coderay (1.1.3)
    connection_pool (2.2.3)
    hiredis (0.6.3)
    io-console (0.5.6)
    irb (1.2.7)
      reline (>= 0.1.5)
    method_source (1.0.0)
    oj (3.10.14)
    oj_mimic_json (1.0.1)
    pry (0.13.1)
      coderay (~> 1.1)
      method_source (~> 1.0)
    redis (3.3.5)
    reline (0.1.5)
      io-console (~> 0.5)

PLATFORMS
  ruby

DEPENDENCIES
  connection_pool
  hiredis
  irb
  oj
  oj_mimic_json
  pry
  redis (~> 3)

BUNDLED WITH
   1.17.3
